PATH
  remote: .
  specs:
    cucumber-adriver (0.9.2)
      cucumber (~> 1.1.2)
      cucumber-nagios (>= 0.9.2)
      sys-proctable

GEM
  remote: https://rubygems.org/
  specs:
    amqp (0.6.7)
      eventmachine (>= 0.12.4)
    builder (3.2.0)
    cucumber (1.1.9)
      builder (>= 2.1.2)
      diff-lcs (>= 1.1.2)
      gherkin (~> 2.9.0)
      json (>= 1.4.6)
      term-ansicolor (>= 1.0.6)
    cucumber-nagios (0.9.2)
      amqp (= 0.6.7)
      bundler (~> 1.0.7)
      cucumber (>= 0.10.0)
      mechanize (= 1.0.0)
      net-ssh (~> 2.1.0)
      rspec (>= 2.3.0)
      templater (>= 1.0.0)
      webrat (= 0.7.2)
    diff-lcs (1.2.3)
    eventmachine (1.0.3)
    extlib (0.9.16)
    gherkin (2.9.3)
      json (>= 1.4.6)
    highline (1.6.17)
    json (1.7.7)
    mechanize (1.0.0)
      nokogiri (>= 1.2.1)
    net-ssh (2.1.4)
    nokogiri (1.5.9)
    rack (1.5.2)
    rack-test (0.6.2)
      rack (>= 1.0)
    rake (10.0.4)
    rspec (2.13.0)
      rspec-core (~> 2.13.0)
      rspec-expectations (~> 2.13.0)
      rspec-mocks (~> 2.13.0)
    rspec-core (2.13.1)
    rspec-expectations (2.13.0)
      diff-lcs (>= 1.1.3, < 2.0)
    rspec-mocks (2.13.1)
    sys-proctable (0.9.3)
    templater (1.0.0)
      diff-lcs (>= 1.1.2)
      extlib (>= 0.9.5)
      highline (>= 1.4.0)
    term-ansicolor (1.1.4)
    webrat (0.7.2)
      nokogiri (>= 1.2.0)
      rack (>= 1.0)
      rack-test (>= 0.5.3)

PLATFORMS
  ruby

DEPENDENCIES
  cucumber-adriver!
  rake (>= 0.8.3)
