PATH
  remote: .
  specs:
    cucumber-adriver (0.0.1)
      cucumber (~> 1.1.2)
      cucumber-nagios (>= 0.9.2)
      cuken (>= 0.1.1)
      sys-proctable

GEM
  remote: https://rubygems.org/
  specs:
    amqp (0.6.7)
      eventmachine (>= 0.12.4)
    archive-tar-minitar (0.5.2)
    builder (3.2.0)
    bunny (0.8.0)
    chef (0.10.8)
      bunny (>= 0.6.0)
      erubis
      highline
      json (>= 1.4.4, <= 1.6.1)
      mixlib-authentication (>= 1.1.0)
      mixlib-cli (>= 1.1.0)
      mixlib-config (>= 1.1.2)
      mixlib-log (>= 1.3.0)
      moneta
      net-ssh (~> 2.1.3)
      net-ssh-multi (~> 1.1.0)
      ohai (>= 0.6.0)
      rest-client (>= 1.0.4, < 1.7.0)
      treetop (~> 1.4.9)
      uuidtools
    childprocess (0.3.9)
      ffi (~> 1.0, >= 1.0.11)
    cucumber (1.1.9)
      builder (>= 2.1.2)
      diff-lcs (>= 1.1.2)
      gherkin (~> 2.9.0)
      json (>= 1.4.6)
      term-ansicolor (>= 1.0.6)
    cucumber-nagios (0.9.2)
      amqp (= 0.6.7)
      bundler (~> 1.0.7)
      cucumber (>= 0.10.0)
      mechanize (= 1.0.0)
      net-ssh (~> 2.1.0)
      rspec (>= 2.3.0)
      templater (>= 1.0.0)
      webrat (= 0.7.2)
    cuken (0.1.22)
      chef (~> 0.10.0)
      childprocess (>= 0.1.7)
      cucumber (> 1.0.0)
      grit (~> 2.4.1)
      open4
      rspec
      rvm (~> 1.8.0)
      vagrant (~> 0.8.7)
    diff-lcs (1.2.3)
    erubis (2.7.0)
    eventmachine (1.0.3)
    extlib (0.9.16)
    ffi (1.0.11)
    gherkin (2.9.3)
      json (>= 1.4.6)
    grit (2.4.1)
      diff-lcs (~> 1.1)
      mime-types (~> 1.15)
    highline (1.6.18)
    i18n (0.6.4)
    ipaddress (0.8.0)
    json (1.5.5)
    mechanize (1.0.0)
      nokogiri (>= 1.2.1)
    mime-types (1.22)
    mixlib-authentication (1.3.0)
      mixlib-log
    mixlib-cli (1.3.0)
    mixlib-config (1.1.2)
    mixlib-log (1.6.0)
    mixlib-shellout (1.1.0)
    moneta (0.7.15)
    net-scp (1.0.4)
      net-ssh (>= 1.99.1)
    net-ssh (2.1.4)
    net-ssh-gateway (1.1.0)
      net-ssh (>= 1.99.1)
    net-ssh-multi (1.1)
      net-ssh (>= 2.1.4)
      net-ssh-gateway (>= 0.99.0)
    nokogiri (1.5.9)
    ohai (6.16.0)
      ipaddress
      mixlib-cli
      mixlib-config
      mixlib-log
      mixlib-shellout
      systemu
      yajl-ruby
    open4 (1.3.0)
    polyglot (0.3.3)
    rack (1.5.2)
    rack-test (0.6.2)
      rack (>= 1.0)
    rake (10.0.4)
    rest-client (1.6.7)
      mime-types (>= 1.16)
    rspec (2.13.0)
      rspec-core (~> 2.13.0)
      rspec-expectations (~> 2.13.0)
      rspec-mocks (~> 2.13.0)
    rspec-core (2.13.1)
    rspec-expectations (2.13.0)
      diff-lcs (>= 1.1.3, < 2.0)
    rspec-mocks (2.13.1)
    rvm (1.8.6)
    sys-proctable (0.9.3)
    systemu (2.5.2)
    templater (1.0.0)
      diff-lcs (>= 1.1.2)
      extlib (>= 0.9.5)
      highline (>= 1.4.0)
    term-ansicolor (1.1.4)
    thor (0.14.6)
    treetop (1.4.12)
      polyglot
      polyglot (>= 0.3.1)
    uuidtools (2.1.3)
    vagrant (0.8.10)
      archive-tar-minitar (= 0.5.2)
      erubis (~> 2.7.0)
      i18n (~> 0.6.0)
      json (~> 1.5.1)
      net-scp (~> 1.0.4)
      net-ssh (~> 2.1.4)
      thor (~> 0.14.6)
      virtualbox (~> 0.9.1)
    virtualbox (0.9.2)
      ffi (~> 1.0.9)
    webrat (0.7.2)
      nokogiri (>= 1.2.0)
      rack (>= 1.0)
      rack-test (>= 0.5.3)
    yajl-ruby (1.1.0)

PLATFORMS
  ruby

DEPENDENCIES
  cucumber-adriver!
  rake (>= 0.8.3)
