PATH
  remote: .
  specs:
    cucumber-adriver (0.9.2)
      cucumber (~> 1.1.2)
      sys-proctable

GEM
  remote: https://rubygems.org/
  specs:
    builder (3.2.0)
    cucumber (1.1.9)
      builder (>= 2.1.2)
      diff-lcs (>= 1.1.2)
      gherkin (~> 2.9.0)
      json (>= 1.4.6)
      term-ansicolor (>= 1.0.6)
    diff-lcs (1.2.3)
    gherkin (2.9.3)
      json (>= 1.4.6)
    json (1.7.7)
    rake (10.0.4)
    sys-proctable (0.9.3)
    term-ansicolor (1.1.4)

PLATFORMS
  ruby

DEPENDENCIES
  cucumber-adriver!
  rake (>= 0.8.3)
